GEM
  remote: https://rubygems.org/
  specs:
    pg (1.4.5)

PLATFORMS
  x86_64-darwin-20

DEPENDENCIES
  pg

RUBY VERSION
   ruby 3.1.3p185

BUNDLED WITH
   2.3.26
